GEM
  remote: http://ruby.taobao.org/
  specs:
    backports (3.3.0)
    eventmachine (1.0.3)
    listen (0.7.3)
    rack (1.5.2)
    rack-protection (1.5.0)
      rack
    rack-test (0.6.2)
      rack (>= 1.0)
    rb-fsevent (0.9.3)
    rerun (0.8.0)
      listen
    sinatra (1.4.2)
      rack (~> 1.5, >= 1.5.2)
      rack-protection (~> 1.4)
      tilt (~> 1.3, >= 1.3.4)
    sinatra-contrib (1.4.0)
      backports (>= 2.0)
      eventmachine
      rack-protection
      rack-test
      sinatra (~> 1.4.2)
      tilt (~> 1.3)
    sinatra-reloader (1.0)
      sinatra-contrib
    tilt (1.3.6)

PLATFORMS
  ruby

DEPENDENCIES
  rb-fsevent (~> 0.9)
  rerun
  sinatra
  sinatra-reloader
