GEM
  remote: http://rubygems.org/
  specs:
    arduino_firmata (0.3.0)
      args_parser (>= 0.1.4)
      event_emitter (>= 0.2.4)
      serialport (>= 1.1.0)
    args_parser (0.1.6)
    backports (3.3.0)
    event_emitter (0.2.5)
    eventmachine (1.0.3)
    rack (1.5.2)
    rack-protection (1.5.0)
      rack
    rack-test (0.6.2)
      rack (>= 1.0)
    serialport (1.1.0)
    sinatra (1.4.2)
      rack (~> 1.5, >= 1.5.2)
      rack-protection (~> 1.4)
      tilt (~> 1.3, >= 1.3.4)
    sinatra-contrib (1.4.0)
      backports (>= 2.0)
      eventmachine
      rack-protection
      rack-test
      sinatra (~> 1.4.2)
      tilt (~> 1.3)
    tilt (1.3.6)

PLATFORMS
  ruby

DEPENDENCIES
  arduino_firmata
  serialport (~> 1.1.0)
  sinatra
  sinatra-contrib
